PATH
  remote: .
  specs:
    rubycas-server (1.2.0)
      activerecord (>= 2.3.12, < 3.1)
      activesupport (>= 2.3.12, < 3.1)
      crypt-isaac (~> 0.9.1)
      sinatra (~> 1.3)
      sinatra-contrib
      sinatra-r18n

GEM
  remote: http://rubygems.org/
  specs:
    activerecord (2.3.12)
      activesupport (= 2.3.12)
    activeresource (2.3.12)
      activesupport (= 2.3.12)
    activesupport (2.3.12)
    backports (2.5.1)
    capybara (0.4.1.2)
      celerity (>= 0.7.9)
      culerity (>= 0.2.4)
    celerity (0.8.8)
    crypt-isaac (0.9.1)
    culerity (0.2.15)
    diff-lcs (1.1.2)
    eventmachine (0.12.10)
    net-ldap (0.1.1)
    r18n-core (0.4.14)
    rack (1.4.1)
    rack-protection (1.2.0)
      rack
    rack-test (0.6.1)
      rack (>= 1.0)
    rake (0.8.7)
    rspec (2.5.0)
      rspec-core (~> 2.5.0)
      rspec-expectations (~> 2.5.0)
      rspec-mocks (~> 2.5.0)
    rspec-core (2.5.1)
    rspec-expectations (2.5.0)
      diff-lcs (~> 1.1.2)
    rspec-mocks (2.5.0)
    sinatra (1.3.2)
      rack (~> 1.3, >= 1.3.6)
      rack-protection (~> 1.2)
      tilt (~> 1.3, >= 1.3.3)
    sinatra-contrib (1.3.1)
      backports (>= 2.0)
      eventmachine
      rack-protection
      rack-test
      sinatra (~> 1.3.0)
      tilt (~> 1.3)
    sinatra-r18n (0.4.14)
      r18n-core (= 0.4.14)
      sinatra (>= 1.3)
    sqlite3 (1.3.3)
    tilt (1.3.3)

PLATFORMS
  ruby

DEPENDENCIES
  activeresource (>= 2.3.12, < 3.1)
  capybara
  net-ldap (~> 0.1.1)
  rack-test
  rake (= 0.8.7)
  rspec
  rspec-core
  rubycas-server!
  sqlite3 (~> 1.3.1)
